GIT
  remote: git://github.com/chrismdp/spork.git
  revision: 63761d5cb9e00817e9f1508d00784f22382aac32
  specs:
    spork (0.9.0.rc2)

GIT
  remote: git://github.com/edendevelopment/party_resource.git
  revision: f82562cb359b5502480caf9aab605bcaeb940bad
  specs:
    party_resource (0.0.3)
      activesupport (>= 2.3.5)
      httparty (>= 0.5.2)

GEM
  remote: http://rubygems.org/
  specs:
    activesupport (3.0.3)
    aruba (0.2.7)
      background_process
      cucumber (~> 0.10.0)
    autotest-fsevent (0.2.4)
      sys-uname
    autotest-growl (0.2.9)
    autotest-standalone (4.5.2)
    background_process (1.2)
    builder (3.0.0)
    crack (0.1.8)
    cucumber (0.10.0)
      builder (>= 2.1.2)
      diff-lcs (~> 1.1.2)
      gherkin (~> 2.3.2)
      json (~> 1.4.6)
      term-ansicolor (~> 1.0.5)
    diff-lcs (1.1.2)
    gherkin (2.3.2)
      json (~> 1.4.6)
      term-ansicolor (~> 1.0.5)
    gli (1.2.5)
    highline (1.6.2)
    httparty (0.6.1)
      crack (= 0.1.8)
    json (1.4.6)
    net-ssh (2.0.23)
    rack (1.2.1)
    rack-contrib (1.1.0)
      rack (>= 0.9.1)
    rspec (2.0.1)
      rspec-core (~> 2.0.1)
      rspec-expectations (~> 2.0.1)
      rspec-mocks (~> 2.0.1)
    rspec-core (2.0.1)
    rspec-expectations (2.0.1)
      diff-lcs (>= 1.1.2)
    rspec-mocks (2.0.1)
      rspec-core (~> 2.0.1)
      rspec-expectations (~> 2.0.1)
    sinatra (1.1.0)
      rack (~> 1.1)
      tilt (~> 1.1)
    sys-uname (0.8.5)
    term-ansicolor (1.0.5)
    tilt (1.1)

PLATFORMS
  ruby

DEPENDENCIES
  aruba
  autotest-fsevent
  autotest-growl
  autotest-standalone
  background_process
  cucumber
  gli
  highline
  json
  net-ssh
  party_resource!
  rack-contrib
  rspec (~> 2.0.0)
  sinatra
  spork!
